PATH
  remote: .
  specs:
    tustyles (0.1.0)

GEM
  remote: https://rubygems.org/
  specs:
    coderay (1.1.3)
    method_source (1.0.0)
    pry (0.13.1)
      coderay (~> 1.1)
      method_source (~> 1.0)
    pry-rails (0.3.9)
      pry (>= 0.10.4)
    rake (10.5.0)

PLATFORMS
  ruby

DEPENDENCIES
  bundler (>= 1.16)
  pry-rails
  rake (~> 10.0)
  tustyles!

BUNDLED WITH
   2.1.4
